GEM
  remote: https://rubygems.org/
  specs:
    diff-lcs (1.3)
    ethon (0.12.0)
      ffi (>= 1.3.0)
    ffi (1.11.1)
    git (1.5.0)
    rake (12.3.2)
    rspec (3.8.0)
      rspec-core (~> 3.8.0)
      rspec-expectations (~> 3.8.0)
      rspec-mocks (~> 3.8.0)
    rspec-core (3.8.1)
      rspec-support (~> 3.8.0)
    rspec-expectations (3.8.4)
      diff-lcs (>= 1.2.0, < 2.0)
      rspec-support (~> 3.8.0)
    rspec-mocks (3.8.1)
      diff-lcs (>= 1.2.0, < 2.0)
      rspec-support (~> 3.8.0)
    rspec-support (3.8.2)
    typhoeus (1.3.1)
      ethon (>= 0.9.0)

PLATFORMS
  ruby

DEPENDENCIES
  git
  rake
  rspec
  typhoeus

BUNDLED WITH
   1.17.3
